PATH
  remote: .
  specs:
    signal_tools (0.3.0)
      yahoofinance (~> 1.2.0, >= 1.2.0)

GEM
  remote: https://rubygems.org/
  specs:
    minitest (5.5.0)
    yahoofinance (1.2.2)

PLATFORMS
  ruby

DEPENDENCIES
  minitest (~> 5.5.0, >= 5.5.0)
  signal_tools!
